GEM
  remote: https://rubygems.org/
  specs:
    awesome_print (1.2.0)
    bson (1.9.2)
    bson_ext (1.9.0)
      bson (~> 1.9.0)
    httparty (0.21.0)
      mini_mime (>= 1.0.0)
      multi_xml (>= 0.5.2)
    mini_mime (1.1.2)
    mini_portile (0.5.2)
    mongo (1.9.2)
      bson (~> 1.9.2)
    mongodb (2.1.0)
      mongo (~> 1.5)
    multi_xml (0.6.0)
    nokogiri (1.6.0)
      mini_portile (~> 0.5.0)

PLATFORMS
  ruby

DEPENDENCIES
  awesome_print
  bson_ext
  httparty
  mongodb
  nokogiri
