GEM
  remote: https://rubygems.org/
  specs:
    awesome_print (1.2.0)
    bson (1.9.2)
    bson_ext (1.9.0)
      bson (~> 1.9.0)
    httparty (0.10.0)
      multi_json (~> 1.0)
      multi_xml
    mini_portile2 (2.6.1)
    mongo (1.9.2)
      bson (~> 1.9.2)
    mongodb (2.1.0)
      mongo (~> 1.5)
    multi_json (1.8.2)
    multi_xml (0.5.5)
    nokogiri (1.12.5)
      mini_portile2 (~> 2.6.1)
      racc (~> 1.4)
    racc (1.5.2)

PLATFORMS
  ruby

DEPENDENCIES
  awesome_print
  bson_ext
  httparty
  mongodb
  nokogiri
